PATH
  remote: .
  specs:
    npr_cli_news_reader (1.0.1)
      nokogiri
      rainbow

GEM
  remote: https://rubygems.org/
  specs:
    coderay (1.1.2)
    method_source (0.9.2)
    mini_portile2 (2.5.1)
    nokogiri (1.11.5)
      mini_portile2 (~> 2.5.0)
      racc (~> 1.4)
    pry (0.12.2)
      coderay (~> 1.1.0)
      method_source (~> 0.9.0)
    racc (1.5.2)
    rainbow (3.0.0)
    rake (13.0.1)

PLATFORMS
  ruby

DEPENDENCIES
  bundler (~> 2.0)
  npr_cli_news_reader!
  pry
  rake (~> 13.0)

BUNDLED WITH
   2.0.1
