PATH
  remote: .
  specs:
    npr_cli_news_reader (0.1.0)
      nokogiri
      rainbow

GEM
  remote: https://rubygems.org/
  specs:
    coderay (1.1.2)
    method_source (0.9.2)
    mini_portile2 (2.4.0)
    nokogiri (1.10.9)
      mini_portile2 (~> 2.4.0)
    pry (0.12.2)
      coderay (~> 1.1.0)
      method_source (~> 0.9.0)
    rainbow (3.0.0)
    rake (10.5.0)

PLATFORMS
  ruby

DEPENDENCIES
  bundler (~> 2.0)
  npr_cli_news_reader!
  pry
  rake (~> 10.0)

BUNDLED WITH
   2.0.1
